GEM
  remote: https://rubygems.org/
  specs:
    activemodel (7.1.4.2)
      activesupport (= 7.1.4.2)
    activerecord (7.1.4.2)
      activemodel (= 7.1.4.2)
      activesupport (= 7.1.4.2)
      timeout (>= 0.4.0)
    activesupport (7.1.4.2)
      base64
      bigdecimal
      concurrent-ruby (~> 1.0, >= 1.0.2)
      connection_pool (>= 2.2.5)
      drb
      i18n (>= 1.6, < 2)
      minitest (>= 5.1)
      mutex_m
      tzinfo (~> 2.0)
    base64 (0.2.0)
    bigdecimal (3.1.9)
    concurrent-ruby (1.3.5)
    connection_pool (2.5.0)
    csv (3.3.2)
    drb (2.2.1)
    httparty (0.22.0)
      csv
      mini_mime (>= 1.0.0)
      multi_xml (>= 0.5.2)
    i18n (1.14.7)
      concurrent-ruby (~> 1.0)
    mini_mime (1.1.5)
    minitest (5.25.4)
    multi_json (1.15.0)
    multi_xml (0.6.0)
    mustermann (3.0.3)
      ruby2_keywords (~> 0.0.1)
    mutex_m (0.3.0)
    nio4r (2.7.4)
    puma (6.6.0)
      nio4r (~> 2.0)
    rack (2.2.10)
    rack-cors (2.0.2)
      rack (>= 2.0.0)
    rack-protection (3.2.0)
      base64 (>= 0.1.0)
      rack (~> 2.2, >= 2.2.4)
    rackup (1.0.1)
      rack (< 3)
      webrick
    rake (13.2.1)
    ruby2_keywords (0.0.5)
    securerandom (0.2.2)
    sinatra (3.2.0)
      mustermann (~> 3.0)
      rack (~> 2.2, >= 2.2.4)
      rack-protection (= 3.2.0)
      tilt (~> 2.0)
    sinatra-activerecord (2.0.28)
      activerecord (>= 4.1)
      sinatra (>= 1.0)
    sinatra-contrib (3.2.0)
      multi_json (>= 0.0.2)
      mustermann (~> 3.0)
      rack-protection (= 3.2.0)
      sinatra (= 3.2.0)
      tilt (~> 2.0)
    sqlite3 (1.4.4)
    streamio-ffmpeg (3.0.2)
      multi_json (~> 1.8)
    taglib-ruby (1.1.3)
    tilt (2.6.0)
    timeout (0.4.3)
    tzinfo (2.0.6)
      concurrent-ruby (~> 1.0)
    webrick (1.9.1)

PLATFORMS
  ruby

DEPENDENCIES
  activerecord
  httparty
  puma
  rack-cors
  rackup
  rake
  securerandom (~> 0.2.0)
  sinatra
  sinatra-activerecord
  sinatra-contrib
  sqlite3 (~> 1.4.4)
  streamio-ffmpeg (~> 3.0.2)
  taglib-ruby (~> 1.1.0)

BUNDLED WITH
   2.1.4
